RESTRICTION: >= net45
NUGET
  remote: http://www.nuget.org/api/v2
    FSharp.Core (4.0.0.1)
GITHUB
  remote: xoofx/SharpYaml
    FULLPROJECT (a83d1836dc5d40ad7a5f53c90a92fd92e6794fd2)
GROUP Build
RESTRICTION: == net45
NUGET
  remote: https://www.nuget.org/api/v2
    FAKE (4.61.3)
    FSharp.Compiler.Service (2.0.0.6)
    FSharp.Formatting (2.14.4)
      FSharp.Compiler.Service (2.0.0.6)
      FSharpVSPowerTools.Core (>= 2.3 < 2.4)
    FSharpVSPowerTools.Core (2.3)
      FSharp.Compiler.Service (>= 2.0.0.3)
    NuGet.CommandLine (4.1)
    Octokit (0.24)
    SourceLink.Fake (1.1)
GITHUB
  remote: xoofx/SharpYaml
    FULLPROJECT (a83d1836dc5d40ad7a5f53c90a92fd92e6794fd2)
  remote: fsharp/FAKE
    modules/Octokit/Octokit.fsx (02774735325914cd48d85d63887e3f07f616b96a)
      Octokit (>= 0.20)
GROUP Test
RESTRICTION: == net461
NUGET
  remote: https://www.nuget.org/api/v2
    Argu (3.7)
    Expecto (4.2.1)
      Argu (>= 3.7)
      FSharp.Core (>= 4.1.12)
      Mono.Cecil (>= 0.9.6.4)
    FSharp.Core (4.2.1) - redirects: force
    Mono.Cecil (0.9.6.4)
